GEM
  remote: https://rubygems.org/
  specs:
    hoe (3.7.0)
      rake (>= 0.8, < 11.0)
    rake (10.1.0)
    test-unit (1.2.3)
      hoe (>= 1.5.1)

PLATFORMS
  ruby

DEPENDENCIES
  rake
  test-unit (= 1.2.3)
